GIT
  remote: git://github.com/t6d/active_operation.git
  revision: 5db93ff3fb4f8e15d83511109c331536096808bd
  specs:
    active_operation (0.1.1)
      activesupport (> 4.0)
      smart_properties (~> 1.0)

GEM
  remote: https://rubygems.org/
  specs:
    activesupport (5.0.0.1)
      concurrent-ruby (~> 1.0, >= 1.0.2)
      i18n (~> 0.7)
      minitest (~> 5.1)
      tzinfo (~> 1.1)
    backports (3.6.8)
    coderay (1.1.1)
    concurrent-ruby (1.0.2)
    graphql (0.18.15)
    i18n (0.7.0)
    method_source (0.8.2)
    minitest (5.9.1)
    multi_json (1.12.1)
    pry (0.10.4)
      coderay (~> 1.1.0)
      method_source (~> 0.8.1)
      slop (~> 3.4)
    rack (1.6.4)
    rack-parser (0.7.0)
      rack
    rack-protection (1.5.3)
      rack
    rack-test (0.6.3)
      rack (>= 1.0)
    sinatra (1.4.7)
      rack (~> 1.5)
      rack-protection (~> 1.4)
      tilt (>= 1.3, < 3)
    sinatra-contrib (1.4.7)
      backports (>= 2.0)
      multi_json
      rack-protection
      rack-test
      sinatra (~> 1.4.0)
      tilt (>= 1.3, < 3)
    slop (3.6.0)
    smart_properties (1.11.0)
    thread_safe (0.3.5)
    tilt (2.0.5)
    tzinfo (1.2.2)
      thread_safe (~> 0.1)

PLATFORMS
  ruby

DEPENDENCIES
  active_operation!
  graphql
  pry
  rack
  rack-parser
  sinatra
  sinatra-contrib
  smart_properties

BUNDLED WITH
   1.12.5
